GEM
  remote: https://rubygems.org/
  specs:
    disque (0.0.6)
      redic (~> 1.5.0)
    hache (1.1.0)
    hiredis (0.6.0)
    hmote (1.2.0)
      hache
    net-http-persistent (2.9.4)
    rack (1.6.1)
    redic (1.5.0)
      hiredis
    seg (0.0.1)
    simple_oauth (0.3.1)
    syro (0.0.6)
      rack (~> 1.6.0)
      seg

PLATFORMS
  ruby

DEPENDENCIES
  disque
  hmote
  net-http-persistent
  simple_oauth
  syro

BUNDLED WITH
   1.10.3
