GEM
  remote: https://rubygems.org/
  specs:
    clap (1.0.0)
    disque (0.0.6)
      redic (~> 1.5.0)
    hache (1.1.0)
    havanna (1.0.0)
      clap
      disque
    hiredis (0.6.0)
    hmote (1.2.0)
      hache
    kgio (2.9.3)
    net-http-persistent (2.9.4)
    rack (1.6.1)
    raindrops (0.14.0)
    redic (1.5.0)
      hiredis
    seg (0.0.1)
    simple_oauth (0.3.1)
    syro (0.0.6)
      rack (~> 1.6.0)
      seg
    unicorn (4.9.0)
      kgio (~> 2.6)
      rack
      raindrops (~> 0.7)

PLATFORMS
  ruby

DEPENDENCIES
  disque
  havanna
  hmote
  net-http-persistent
  simple_oauth
  syro
  unicorn

BUNDLED WITH
   1.10.3
